GIT
  remote: git://github.com/britishtea/cinch-authentication.git
  revision: 5493c35733d40cdd1d4638c4149c803e28428e02
  specs:
    cinch-authentication (0.1.0)
      cinch (~> 2.0.3)

GIT
  remote: git://github.com/cinchrb/cinch.git
  revision: 186033a8a51d51e1c7919ee5ccebed0ecfbdf63a
  specs:
    cinch (2.0.7)

GEM
  remote: https://rubygems.org/
  specs:
    builder (3.2.2)
    cucumber (1.3.5)
      builder (>= 2.1.2)
      diff-lcs (>= 1.1.3)
      gherkin (~> 2.12.0)
      multi_json (~> 1.7.5)
      multi_test (>= 0.0.2)
    diff-lcs (1.2.4)
    gherkin (2.12.0)
      multi_json (~> 1.3)
    mini_portile (0.5.1)
    multi_json (1.7.7)
    multi_test (0.0.2)
    nokogiri (1.6.0)
      mini_portile (~> 0.5.0)
    rspec (2.14.1)
      rspec-core (~> 2.14.0)
      rspec-expectations (~> 2.14.0)
      rspec-mocks (~> 2.14.0)
    rspec-core (2.14.4)
    rspec-expectations (2.14.0)
      diff-lcs (>= 1.1.3, < 2.0)
    rspec-mocks (2.14.2)
    sequel (4.0.0)

PLATFORMS
  ruby

DEPENDENCIES
  cinch!
  cinch-authentication!
  cucumber
  nokogiri
  rspec
  sequel
